GEM
  remote: https://rubygems.org/
  specs:
    awesome_print (1.6.1)
    power_assert (0.1.4)
    test-unit (3.0.1)
      power_assert

PLATFORMS
  ruby

DEPENDENCIES
  awesome_print
  power_assert (= 0.1.4)
  test-unit (= 3.0.1)
